GEM
  remote: http://rubygems.org/
  specs:
    progressbar (0.10.0)
    thor (0.14.6)

PLATFORMS
  ruby

DEPENDENCIES
  progressbar
  thor
